GEM
  remote: https://rubygems.org/
  specs:
    activesupport (3.2.13)
      i18n (= 0.6.1)
      multi_json (~> 1.0)
    addressable (2.3.4)
    bacon (1.2.0)
    cookiejar (0.3.0)
    crack (0.4.1)
      safe_yaml (~> 0.9.0)
    daemons (1.1.8)
    diff-lcs (1.2.4)
    em-hiredis (0.2.1)
      hiredis (~> 0.4.0)
    em-http-request (1.0.3)
      addressable (>= 2.2.3)
      cookiejar
      em-socksify
      eventmachine (>= 1.0.0.beta.4)
      http_parser.rb (>= 0.5.3)
    em-rspec (0.1.1)
      eventmachine (>= 0.12.10)
    em-socksify (0.2.1)
      eventmachine (>= 1.0.0.beta.4)
    em-spec (0.2.6)
      bacon
      eventmachine
      rspec (> 2.6.0)
      test-unit
    em-twitter (0.2.2)
      eventmachine (~> 1.0)
      http_parser.rb (~> 0.5)
      simple_oauth (~> 0.1)
    eventmachine (1.0.3)
    faraday (0.8.7)
      multipart-post (~> 1.1)
    hiredis (0.4.5)
    http_parser.rb (0.5.3)
    i18n (0.6.1)
    macaddr (1.6.1)
      systemu (~> 2.5.0)
    multi_json (1.7.2)
    multipart-post (1.2.0)
    oauth (0.4.7)
    rack (1.5.2)
    rack-protection (1.5.0)
      rack
    rack-test (0.6.2)
      rack (>= 1.0)
    redis (3.0.4)
    redis-namespace (1.3.0)
      redis (~> 3.0.0)
    rspec (2.14.1)
      rspec-core (~> 2.14.0)
      rspec-expectations (~> 2.14.0)
      rspec-mocks (~> 2.14.0)
    rspec-core (2.14.5)
    rspec-expectations (2.14.2)
      diff-lcs (>= 1.1.3, < 2.0)
    rspec-mocks (2.14.3)
    safe_yaml (0.9.5)
    simple_oauth (0.2.0)
    sinatra (1.4.2)
      rack (~> 1.5, >= 1.5.2)
      rack-protection (~> 1.4)
      tilt (~> 1.3, >= 1.3.4)
    systemu (2.5.2)
    test-unit (2.5.5)
    thin (1.5.1)
      daemons (>= 1.0.9)
      eventmachine (>= 0.12.6)
      rack (>= 1.0.0)
    tilt (1.3.7)
    tweetstream (2.5.0)
      daemons (~> 1.1)
      em-http-request (~> 1.0.2)
      em-twitter (~> 0.2)
      twitter (~> 4.5)
      yajl-ruby (~> 1.1)
    twitter (4.6.2)
      faraday (~> 0.8, < 0.10)
      multi_json (~> 1.0)
      simple_oauth (~> 0.2)
    uuid (2.3.7)
      macaddr (~> 1.0)
    webmock (1.13.0)
      addressable (>= 2.2.7)
      crack (>= 0.3.2)
    yajl-ruby (1.1.0)

PLATFORMS
  ruby

DEPENDENCIES
  activesupport
  em-hiredis
  em-http-request
  em-rspec
  em-spec
  oauth
  rack-test
  redis
  redis-namespace
  sinatra
  thin
  tweetstream
  uuid
  webmock
